GIT
  remote: git://github.com/sinatra/sinatra.git
  revision: 14f86a89442723b7616acb1b5fe2177d97f5ac0b
  specs:
    rack-protection (2.0.1)
      rack
    sinatra (2.0.1)
      mustermann (~> 1.0)
      rack (~> 2.0)
      rack-protection (= 2.0.1)
      tilt (~> 2.0)
    sinatra-contrib (2.0.1)
      backports (>= 2.0)
      multi_json
      mustermann (~> 1.0)
      rack-protection (= 2.0.1)
      sinatra (= 2.0.1)
      tilt (>= 1.3, < 3)

GEM
  remote: https://rubygems.org/
  specs:
    backports (3.11.1)
    byebug (10.0.0)
    domain_name (0.5.20170404)
      unf (>= 0.0.5, < 1.0.0)
    http-cookie (1.0.3)
      domain_name (~> 0.5)
    mailgun-ruby (1.1.9)
      rest-client (~> 2.0)
    mime-types (3.1)
      mime-types-data (~> 3.2015)
    mime-types-data (3.2016.0521)
    multi_json (1.13.1)
    mustermann (1.0.2)
    netrc (0.11.0)
    puma (3.11.3)
    rack (2.0.4)
    rest-client (2.0.2)
      http-cookie (>= 1.0.2, < 2.0)
      mime-types (>= 1.16, < 4.0)
      netrc (~> 0.8)
    tilt (2.0.8)
    unf (0.1.4)
      unf_ext
    unf_ext (0.0.7.5)

PLATFORMS
  ruby

DEPENDENCIES
  byebug
  mailgun-ruby (~> 1.1.6)
  puma
  sinatra!
  sinatra-contrib

BUNDLED WITH
   1.16.1
